PATH
  remote: .
  specs:
    dogen (0.1.0)
      cleon (~> 0.4.0)

GEM
  remote: https://rubygems.org/
  specs:
    cleon (0.4.0)
    docile (1.4.0)
    minitest (5.15.0)
    rake (13.0.6)
    simplecov (0.21.2)
      docile (~> 1.1)
      simplecov-html (~> 0.11)
      simplecov_json_formatter (~> 0.1)
    simplecov-html (0.12.3)
    simplecov_json_formatter (0.1.3)

PLATFORMS
  x64-mingw32

DEPENDENCIES
  dogen!
  minitest (~> 5.0)
  rake (~> 13.0)
  simplecov

BUNDLED WITH
   2.2.26
